GEM
  remote: http://rubygems.org/
  specs:
    configuration (1.2.0)
    launchy (0.4.0)
      configuration (>= 0.0.5)
      rake (>= 0.8.1)
    rake (0.8.7)

PLATFORMS
  ruby

DEPENDENCIES
  launchy
